GEM
  remote: https://rubygems.org/
  specs:
    base64 (0.2.0)
    git (1.4.0)
    gitlab (4.4.0)
      httparty (>= 0.14.0)
      terminal-table (>= 1.5.1)
    httparty (0.16.2)
      multi_xml (>= 0.5.2)
    mail (2.7.0)
      mini_mime (>= 0.1.1)
    mini_mime (1.0.0)
    minitest (5.11.3)
    multi_json (1.13.1)
    multi_xml (0.6.0)
    mustermann (3.0.0)
      ruby2_keywords (~> 0.0.1)
    rack (3.0.8)
    rack-protection (4.0.0)
      base64 (>= 0.1.0)
      rack (>= 3.0.0, < 4)
    rack-session (2.0.0)
      rack (>= 3.0.0)
    ruby2_keywords (0.0.5)
    sinatra (4.0.0)
      mustermann (~> 3.0)
      rack (>= 3.0.0, < 4)
      rack-protection (= 4.0.0)
      rack-session (>= 2.0.0, < 3)
      tilt (~> 2.0)
    terminal-table (1.8.0)
      unicode-display_width (~> 1.1, >= 1.1.1)
    tilt (2.3.0)
    unicode-display_width (1.4.0)

PLATFORMS
  ruby

DEPENDENCIES
  git (~> 1.3)
  gitlab (~> 4.4)
  mail (~> 2.7)
  minitest (~> 5.11, >= 5.11.3)
  multi_json (~> 1.13, >= 1.13.1)
  sinatra (~> 4.0, >= 4.0.0)

BUNDLED WITH
   1.17.3
